GEM
  remote: https://rubygems.org/
  specs:
    little-plugger (1.1.4)
    logging (2.3.1)
      little-plugger (~> 1.1)
      multi_json (~> 1.14)
    multi_json (1.15.0)
    paint (2.2.0)

PLATFORMS
  ruby

DEPENDENCIES
  logging (~> 2.3.1)
  paint (~> 2.1)

RUBY VERSION
   ruby 3.1.4p223

BUNDLED WITH
   2.4.14
